GEM
  remote: https://rubygems.org/
  specs:
    actioncable (7.1.3.4)
      actionpack (= 7.1.3.4)
      activesupport (= 7.1.3.4)
      nio4r (~> 2.0)
      websocket-driver (>= 0.6.1)
      zeitwerk (~> 2.6)
    actionmailbox (7.1.3.4)
      actionpack (= 7.1.3.4)
      activejob (= 7.1.3.4)
      activerecord (= 7.1.3.4)
      activestorage (= 7.1.3.4)
      activesupport (= 7.1.3.4)
      mail (>= 2.7.1)
      net-imap
      net-pop
      net-smtp
    actionmailer (7.1.3.4)
      actionpack (= 7.1.3.4)
      actionview (= 7.1.3.4)
      activejob (= 7.1.3.4)
      activesupport (= 7.1.3.4)
      mail (~> 2.5, >= 2.5.4)
      net-imap
      net-pop
      net-smtp
      rails-dom-testing (~> 2.2)
    actionpack (7.1.3.4)
      actionview (= 7.1.3.4)
      activesupport (= 7.1.3.4)
      nokogiri (>= 1.8.5)
      racc
      rack (>= 2.2.4)
      rack-session (>= 1.0.1)
      rack-test (>= 0.6.3)
      rails-dom-testing (~> 2.2)
      rails-html-sanitizer (~> 1.6)
    actiontext (7.1.3.4)
      actionpack (= 7.1.3.4)
      activerecord (= 7.1.3.4)
      activestorage (= 7.1.3.4)
      activesupport (= 7.1.3.4)
      globalid (>= 0.6.0)
      nokogiri (>= 1.8.5)
    actionview (7.1.3.4)
      activesupport (= 7.1.3.4)
      builder (~> 3.1)
      erubi (~> 1.11)
      rails-dom-testing (~> 2.2)
      rails-html-sanitizer (~> 1.6)
    activejob (7.1.3.4)
      activesupport (= 7.1.3.4)
      globalid (>= 0.3.6)
    activemodel (7.1.3.4)
      activesupport (= 7.1.3.4)
    activerecord (7.1.3.4)
      activemodel (= 7.1.3.4)
      activesupport (= 7.1.3.4)
      timeout (>= 0.4.0)
    activestorage (7.1.3.4)
      actionpack (= 7.1.3.4)
      activejob (= 7.1.3.4)
      activerecord (= 7.1.3.4)
      activesupport (= 7.1.3.4)
      marcel (~> 1.0)
    activesupport (7.1.3.4)
      base64
      bigdecimal
      concurrent-ruby (~> 1.0, >= 1.0.2)
      connection_pool (>= 2.2.5)
      drb
      i18n (>= 1.6, < 2)
      minitest (>= 5.1)
      mutex_m
      tzinfo (~> 2.0)
    anyway_config (2.6.4)
      ruby-next-core (~> 1.0)
    ast (2.4.2)
    base64 (0.2.0)
    bigdecimal (3.1.8)
    builder (3.3.0)
    bundler-audit (0.9.1)
      bundler (>= 1.2.0, < 3)
      thor (~> 1.0)
    concurrent-ruby (1.3.1)
    connection_pool (2.4.1)
    crass (1.0.6)
    cutoff (0.5.2)
    date (3.3.4)
    diff-lcs (1.5.1)
    dotenv (3.1.2)
    dotenv-rails (3.1.2)
      dotenv (= 3.1.2)
      railties (>= 6.1)
    drb (2.2.1)
    dry-core (1.0.1)
      concurrent-ruby (~> 1.0)
      zeitwerk (~> 2.6)
    dry-inflector (1.0.0)
    dry-initializer (3.1.1)
    dry-logic (1.5.0)
      concurrent-ruby (~> 1.0)
      dry-core (~> 1.0, < 2)
      zeitwerk (~> 2.6)
    dry-monads (1.6.0)
      concurrent-ruby (~> 1.0)
      dry-core (~> 1.0, < 2)
      zeitwerk (~> 2.6)
    dry-struct (1.6.0)
      dry-core (~> 1.0, < 2)
      dry-types (>= 1.7, < 2)
      ice_nine (~> 0.11)
      zeitwerk (~> 2.6)
    dry-types (1.7.2)
      bigdecimal (~> 3.0)
      concurrent-ruby (~> 1.0)
      dry-core (~> 1.0)
      dry-inflector (~> 1.0)
      dry-logic (~> 1.4)
      zeitwerk (~> 2.6)
    erubi (1.12.0)
    et-orbi (1.2.11)
      tzinfo
    exponential-backoff (0.0.4)
    factory_bot (6.4.6)
      activesupport (>= 5.0.0)
    factory_bot_rails (6.4.3)
      factory_bot (~> 6.4)
      railties (>= 5.0.0)
    faker (3.4.1)
      i18n (>= 1.8.11, < 2)
    ffi (1.17.0)
    ffi (1.17.0-aarch64-linux-gnu)
    ffi (1.17.0-arm-linux-gnu)
    ffi (1.17.0-arm64-darwin)
    ffi (1.17.0-x86-linux-gnu)
    ffi (1.17.0-x86_64-darwin)
    ffi (1.17.0-x86_64-linux-gnu)
    fugit (1.11.0)
      et-orbi (~> 1, >= 1.2.11)
      raabro (~> 1.4)
    globalid (1.2.1)
      activesupport (>= 6.1)
    google-protobuf (3.25.3)
    google-protobuf (3.25.3-aarch64-linux)
    google-protobuf (3.25.3-arm64-darwin)
    google-protobuf (3.25.3-x86-linux)
    google-protobuf (3.25.3-x86_64-darwin)
    google-protobuf (3.25.3-x86_64-linux)
    googleapis-common-protos-types (1.14.0)
      google-protobuf (~> 3.18)
    grpc (1.64.0)
      google-protobuf (~> 3.25)
      googleapis-common-protos-types (~> 1.0)
    grpc (1.64.0-aarch64-linux)
      google-protobuf (~> 3.25)
      googleapis-common-protos-types (~> 1.0)
    grpc (1.64.0-arm64-darwin)
      google-protobuf (~> 3.25)
      googleapis-common-protos-types (~> 1.0)
    grpc (1.64.0-x86-linux)
      google-protobuf (~> 3.25)
      googleapis-common-protos-types (~> 1.0)
    grpc (1.64.0-x86_64-darwin)
      google-protobuf (~> 3.25)
      googleapis-common-protos-types (~> 1.0)
    grpc (1.64.0-x86_64-linux)
      google-protobuf (~> 3.25)
      googleapis-common-protos-types (~> 1.0)
    grpc-tools (1.64.0)
    http_health_check (0.5.0)
      rack (~> 2.0)
      webrick
    i18n (1.14.5)
      concurrent-ruby (~> 1.0)
    ice_nine (0.11.2)
    io-console (0.7.2)
    irb (1.13.1)
      rdoc (>= 4.0.0)
      reline (>= 0.4.2)
    json (2.7.2)
    jsonapi-serializer (2.2.0)
      activesupport (>= 4.2)
    karafka (2.3.4)
      karafka-core (>= 2.3.0, < 2.4.0)
      waterdrop (>= 2.6.12, < 3.0.0)
      zeitwerk (~> 2.3)
    karafka-core (2.3.0)
      karafka-rdkafka (>= 0.14.8, < 0.15.0)
    karafka-rdkafka (0.14.10)
      ffi (~> 1.15)
      mini_portile2 (~> 2.6)
      rake (> 12)
    language_server-protocol (3.17.0.3)
    lint_roller (1.1.0)
    listen (3.9.0)
      rb-fsevent (~> 0.10, >= 0.10.3)
      rb-inotify (~> 0.9, >= 0.9.10)
    loofah (2.22.0)
      crass (~> 1.0.2)
      nokogiri (>= 1.12.0)
    mail (2.8.1)
      mini_mime (>= 0.1.1)
      net-imap
      net-pop
      net-smtp
    marcel (1.0.4)
    mini_mime (1.1.5)
    mini_portile2 (2.8.7)
    minitest (5.23.1)
    mutex_m (0.2.0)
    nanoid (2.0.0)
    net-imap (0.4.12)
      date
      net-protocol
    net-pop (0.1.2)
      net-protocol
    net-protocol (0.2.2)
      timeout
    net-smtp (0.5.0)
      net-protocol
    nio4r (2.7.3)
    nokogiri (1.16.5)
      mini_portile2 (~> 2.8.2)
      racc (~> 1.4)
    nokogiri (1.16.5-aarch64-linux)
      racc (~> 1.4)
    nokogiri (1.16.5-arm-linux)
      racc (~> 1.4)
    nokogiri (1.16.5-arm64-darwin)
      racc (~> 1.4)
    nokogiri (1.16.5-x86-linux)
      racc (~> 1.4)
    nokogiri (1.16.5-x86_64-darwin)
      racc (~> 1.4)
    nokogiri (1.16.5-x86_64-linux)
      racc (~> 1.4)
    pagy (6.5.0)
    parallel (1.24.0)
    parser (3.3.2.0)
      ast (~> 2.4.1)
      racc
    pg (1.5.6)
    prometheus-client-mmap (1.1.1)
      rb_sys (~> 0.9.86)
    prometheus-client-mmap (1.1.1-aarch64-linux)
      rb_sys (~> 0.9.86)
    prometheus-client-mmap (1.1.1-arm64-darwin)
      rb_sys (~> 0.9.86)
    prometheus-client-mmap (1.1.1-x86_64-darwin)
      rb_sys (~> 0.9.86)
    prometheus-client-mmap (1.1.1-x86_64-linux)
      rb_sys (~> 0.9.86)
    psych (5.1.2)
      stringio
    puma (6.4.2)
      nio4r (~> 2.0)
    raabro (1.4.0)
    racc (1.8.0)
    rack (2.2.9)
    rack-session (1.0.2)
      rack (< 3)
    rack-test (2.1.0)
      rack (>= 1.3)
    rackup (1.0.0)
      rack (< 3)
      webrick
    rails (7.1.3.4)
      actioncable (= 7.1.3.4)
      actionmailbox (= 7.1.3.4)
      actionmailer (= 7.1.3.4)
      actionpack (= 7.1.3.4)
      actiontext (= 7.1.3.4)
      actionview (= 7.1.3.4)
      activejob (= 7.1.3.4)
      activemodel (= 7.1.3.4)
      activerecord (= 7.1.3.4)
      activestorage (= 7.1.3.4)
      activesupport (= 7.1.3.4)
      bundler (>= 1.15.0)
      railties (= 7.1.3.4)
    rails-dom-testing (2.2.0)
      activesupport (>= 5.0.0)
      minitest
      nokogiri (>= 1.6)
    rails-html-sanitizer (1.6.0)
      loofah (~> 2.21)
      nokogiri (~> 1.14)
    rails-i18n (7.0.9)
      i18n (>= 0.7, < 2)
      railties (>= 6.0.0, < 8)
    rails_semantic_logger (4.14.0)
      rack
      railties (>= 5.1)
      semantic_logger (~> 4.13)
    railties (7.1.3.4)
      actionpack (= 7.1.3.4)
      activesupport (= 7.1.3.4)
      irb
      rackup (>= 1.0.0)
      rake (>= 12.2)
      thor (~> 1.0, >= 1.2.2)
      zeitwerk (~> 2.6)
    rainbow (3.1.1)
    rake (13.2.1)
    rb-fsevent (0.11.2)
    rb-inotify (0.11.1)
      ffi (~> 1.0)
    rb_sys (0.9.97)
    rdoc (6.7.0)
      psych (>= 4.0.0)
    redis (5.2.0)
      redis-client (>= 0.22.0)
    redis-client (0.22.2)
      connection_pool
    redlock (2.0.6)
      redis-client (>= 0.14.1, < 1.0.0)
    regexp_parser (2.9.2)
    reline (0.5.8)
      io-console (~> 0.5)
    rexml (3.2.8)
      strscan (>= 3.0.9)
    rspec (3.13.0)
      rspec-core (~> 3.13.0)
      rspec-expectations (~> 3.13.0)
      rspec-mocks (~> 3.13.0)
    rspec-core (3.13.0)
      rspec-support (~> 3.13.0)
    rspec-expectations (3.13.0)
      diff-lcs (>= 1.2.0, < 2.0)
      rspec-support (~> 3.13.0)
    rspec-json_expectations (2.2.0)
    rspec-mocks (3.13.1)
      diff-lcs (>= 1.2.0, < 2.0)
      rspec-support (~> 3.13.0)
    rspec-rails (6.1.2)
      actionpack (>= 6.1)
      activesupport (>= 6.1)
      railties (>= 6.1)
      rspec-core (~> 3.13)
      rspec-expectations (~> 3.13)
      rspec-mocks (~> 3.13)
      rspec-support (~> 3.13)
    rspec-support (3.13.1)
    rspec_junit_formatter (0.6.0)
      rspec-core (>= 2, < 4, != 2.12.0)
    rubocop (1.63.5)
      json (~> 2.3)
      language_server-protocol (>= 3.17.0)
      parallel (~> 1.10)
      parser (>= 3.3.0.2)
      rainbow (>= 2.2.2, < 4.0)
      regexp_parser (>= 1.8, < 3.0)
      rexml (>= 3.2.5, < 4.0)
      rubocop-ast (>= 1.31.1, < 2.0)
      ruby-progressbar (~> 1.7)
      unicode-display_width (>= 2.4.0, < 3.0)
    rubocop-ast (1.31.3)
      parser (>= 3.3.1.0)
    rubocop-capybara (2.20.0)
      rubocop (~> 1.41)
    rubocop-factory_bot (2.25.1)
      rubocop (~> 1.41)
    rubocop-performance (1.21.0)
      rubocop (>= 1.48.1, < 2.0)
      rubocop-ast (>= 1.31.1, < 2.0)
    rubocop-rails (2.25.0)
      activesupport (>= 4.2.0)
      rack (>= 1.1)
      rubocop (>= 1.33.0, < 2.0)
      rubocop-ast (>= 1.31.1, < 2.0)
    rubocop-rspec (2.30.0)
      rubocop (~> 1.40)
      rubocop-capybara (~> 2.17)
      rubocop-factory_bot (~> 2.22)
      rubocop-rspec_rails (~> 2.28)
    rubocop-rspec_rails (2.28.3)
      rubocop (~> 1.40)
    ruby-limiter (2.3.0)
    ruby-next-core (1.0.3)
    ruby-progressbar (1.13.0)
    rufus-scheduler (3.9.1)
      fugit (~> 1.1, >= 1.1.6)
    sbmt-kafka_consumer (2.3.1)
      anyway_config (>= 2.4.0)
      dry-struct
      karafka (~> 2.2, < 2.4)
      rails (>= 6.0)
      thor
      yabeda (>= 0.11)
      zeitwerk (~> 2.3)
    sbmt-outbox (6.5.0)
      connection_pool (~> 2.0)
      cutoff (~> 0.5)
      dry-initializer (~> 3.0)
      dry-monads (~> 1.3)
      exponential-backoff (~> 0.0)
      http_health_check (~> 0.5)
      rails (>= 5.2, < 8)
      redis-client (>= 0.14.1, < 1.0.0)
      redlock (> 1.0, < 3.0)
      ruby-limiter (~> 2.3)
      thor (>= 0.20, < 2)
      yabeda (~> 0.8)
    schked (1.3.0)
      connection_pool (~> 2.0)
      redlock (> 1.0, < 3.0)
      rufus-scheduler (~> 3.0)
      thor
    semantic_logger (4.15.0)
      concurrent-ruby (~> 1.0)
    sentry-rails (5.17.3)
      railties (>= 5.0)
      sentry-ruby (~> 5.17.3)
    sentry-ruby (5.17.3)
      bigdecimal
      concurrent-ruby (~> 1.0, >= 1.0.2)
    sentry-sidekiq (5.17.3)
      sentry-ruby (~> 5.17.3)
      sidekiq (>= 3.0)
    shoulda-matchers (6.2.0)
      activesupport (>= 5.2.0)
    sidekiq (7.2.4)
      concurrent-ruby (< 2)
      connection_pool (>= 2.3.0)
      rack (>= 2.2.4)
      redis-client (>= 0.19.0)
    sniffer (0.5.0)
      anyway_config (>= 1.0)
      dry-initializer (~> 3)
    standard (1.36.0)
      language_server-protocol (~> 3.17.0.2)
      lint_roller (~> 1.0)
      rubocop (~> 1.63.0)
      standard-custom (~> 1.0.0)
      standard-performance (~> 1.4)
    standard-custom (1.0.2)
      lint_roller (~> 1.0)
      rubocop (~> 1.50)
    standard-performance (1.4.0)
      lint_roller (~> 1.1)
      rubocop-performance (~> 1.21.0)
    stringio (3.1.0)
    strong_migrations (1.8.0)
      activerecord (>= 5.2)
    strscan (3.1.0)
    test-prof (1.3.3)
    thor (1.3.1)
    timeout (0.4.1)
    tzinfo (2.0.6)
      concurrent-ruby (~> 1.0)
    unicode-display_width (2.5.0)
    waterdrop (2.6.14)
      karafka-core (>= 2.2.3, < 3.0.0)
      zeitwerk (~> 2.3)
    webrick (1.8.1)
    websocket-driver (0.7.6)
      websocket-extensions (>= 0.1.0)
    websocket-extensions (0.1.5)
    yabeda (0.12.0)
      anyway_config (>= 1.0, < 3)
      concurrent-ruby
      dry-initializer
    yabeda-activerecord (0.1.1)
      activerecord (>= 6.0)
      yabeda (~> 0.6)
    yabeda-http_requests (0.2.1)
      sniffer
      yabeda
    yabeda-prometheus-mmap (0.4.0)
      prometheus-client-mmap
      yabeda (~> 0.10)
    yabeda-puma-plugin (0.7.1)
      json
      puma
      yabeda (~> 0.5)
    yabeda-rails (0.9.0)
      activesupport
      anyway_config (>= 1.3, < 3)
      railties
      yabeda (~> 0.8)
    yabeda-schked (0.2.1)
      schked (>= 0.3, < 2)
      yabeda (~> 0.8)
    yabeda-sidekiq (0.12.0)
      anyway_config (>= 1.3, < 3)
      sidekiq
      yabeda (~> 0.6)
    zeitwerk (2.6.15)

PLATFORMS
  aarch64-linux
  arm-linux
  arm64-darwin
  ruby
  x86-linux
  x86_64-darwin
  x86_64-linux

DEPENDENCIES
  anyway_config
  bundler-audit
  dotenv-rails
  dry-initializer
  factory_bot_rails
  faker
  google-protobuf
  grpc
  grpc-tools
  http_health_check
  jsonapi-serializer (~> 2.0)
  listen
  nanoid (~> 2.0)
  pagy (~> 6.0)
  pg
  puma
  rails (~> 7.1)
  rails-i18n
  rails_semantic_logger
  redis
  rspec
  rspec-json_expectations
  rspec-rails
  rspec_junit_formatter
  rubocop-rails
  rubocop-rspec
  sbmt-kafka_consumer
  sbmt-outbox
  schked
  sentry-rails
  sentry-ruby
  sentry-sidekiq
  shoulda-matchers
  standard
  strong_migrations
  test-prof
  yabeda-activerecord
  yabeda-http_requests
  yabeda-prometheus-mmap
  yabeda-puma-plugin
  yabeda-rails
  yabeda-schked
  yabeda-sidekiq

RUBY VERSION
   ruby 3.3.0p0

BUNDLED WITH
   2.5.6
